GEM
  remote: https://rubygems.org/
  specs:
    colored2 (3.1.2)
    concurrent-ruby (1.1.5)
    hamster (3.0.0)
      concurrent-ruby (~> 1.0)
    lino (1.1.0)
      hamster (~> 3.0)
      open4 (~> 1.3)
    minitar (0.8)
    open4 (1.3.4)
    rake (12.3.3)
    rake_dependencies (0.23.0)
      hamster (~> 3.0)
      minitar (~> 0.7)
      rubyzip (>= 1.2.2)
    rake_terraform (0.29.0)
      colored2 (~> 3.1)
      rake_dependencies (~> 0.19)
      ruby-terraform (~> 0.15)
    ruby-terraform (0.26.0)
      lino (~> 1.1)
    rubyzip (1.2.3)

PLATFORMS
  ruby

DEPENDENCIES
  rake (~> 12.3)
  rake_terraform (~> 0.16)

BUNDLED WITH
   2.0.2
